FRAMEWORK: NET40, NET40-FULL
NUGET
  remote: http://nuget.pdfforge.org/api/odata
    CommandLineParser (2.1.1-beta)
    NGettext (0.6.2)
