RESTRICTION: == net472
NUGET
  remote: https://api.nuget.org/v3/index.json
    CommandLineParser (2.9.1)
    NGettext (0.6.7)
    Optional (4.0)

GROUP build
NUGET
  remote: https://api.nuget.org/v3/index.json
    FAKE (4.64.18)
    Gettext.Tools (0.22.5)
    xunit.runner.console (2.8)

GROUP test
NUGET
  remote: https://api.nuget.org/v3/index.json
    Castle.Core (5.1.1) - restriction: || (>= net462) (>= netstandard2.0)
      System.Diagnostics.EventLog (>= 4.7) - restriction: || (&& (< net462) (>= netstandard2.0) (< netstandard2.1)) (&& (< net6.0) (>= netstandard2.1))
      System.Diagnostics.EventLog (>= 6.0) - restriction: >= net6.0
      System.Reflection.Emit (>= 4.7) - restriction: && (< net462) (>= netstandard2.0) (< netstandard2.1)
    Microsoft.NETCore.Platforms (7.0.4) - restriction: || (&& (>= net462) (>= netcoreapp2.0) (>= netstandard2.1)) (&& (>= net462) (>= netcoreapp2.1) (>= netstandard2.1)) (&& (>= netcoreapp2.0) (< netcoreapp2.1)) (&& (>= netcoreapp2.1) (< netcoreapp3.0))
    NSubstitute (5.1)
      Castle.Core (>= 5.1.1) - restriction: || (>= net462) (>= netstandard2.0)
      System.Threading.Tasks.Extensions (>= 4.3) - restriction: || (>= net462) (&& (< net6.0) (>= netstandard2.0))
    System.Diagnostics.EventLog (8.0) - restriction: || (&& (< net462) (>= netstandard2.0)) (>= netstandard2.1)
      System.Security.Principal.Windows (>= 5.0) - restriction: || (>= net462) (&& (< net6.0) (>= netstandard2.0))
    System.Reflection.Emit (4.7) - restriction: && (< net462) (>= netstandard2.0) (< netstandard2.1)
      System.Reflection.Emit.ILGeneration (>= 4.7) - restriction: || (&& (< monoandroid) (< monotouch) (< net45) (>= netstandard1.1) (< netstandard2.0) (< win8) (< wpa81) (< xamarintvos) (< xamarinwatchos)) (&& (< monoandroid) (< net45) (< netcoreapp2.0) (>= netstandard2.0) (< netstandard2.1) (< xamarintvos) (< xamarinwatchos)) (&& (< monoandroid) (< netstandard1.1) (>= portable-net45+win8+wpa81) (< win8)) (&& (< netstandard1.1) (>= win8)) (&& (< netstandard2.0) (>= wpa81)) (>= uap10.1)
    System.Reflection.Emit.ILGeneration (4.7) - restriction: || (&& (< monoandroid) (< net45) (< netcoreapp2.0) (>= netstandard2.0) (< netstandard2.1) (< xamarintvos) (< xamarinwatchos)) (&& (< monoandroid) (< netstandard1.1) (>= netstandard2.0) (< win8)) (&& (< netstandard1.1) (>= netstandard2.0) (>= win8)) (&& (>= netstandard2.0) (>= uap10.1))
    System.Runtime.CompilerServices.Unsafe (6.0) - restriction: || (&& (< monoandroid) (< netstandard1.0) (>= netstandard2.0) (< win8)) (&& (< net45) (< netcoreapp2.1) (>= netstandard2.0) (< xamarinios) (< xamarinmac) (< xamarintvos) (< xamarinwatchos)) (&& (>= net461) (>= netstandard2.0)) (>= net462) (&& (< netstandard1.0) (>= netstandard2.0) (>= win8)) (&& (>= netstandard2.0) (>= wp8))
    System.Security.Principal.Windows (5.0) - restriction: || (&& (>= net462) (>= netstandard2.1)) (&& (< net462) (< net6.0) (>= netstandard2.0)) (&& (< net6.0) (>= netstandard2.1))
      Microsoft.NETCore.Platforms (>= 5.0) - restriction: || (&& (>= netcoreapp2.0) (< netcoreapp2.1)) (&& (>= netcoreapp2.1) (< netcoreapp3.0))
    System.Threading.Tasks.Extensions (4.5.4) - restriction: || (>= net462) (&& (< net6.0) (>= netstandard2.0))
      System.Runtime.CompilerServices.Unsafe (>= 4.5.3) - restriction: || (&& (< monoandroid) (< monotouch) (< net45) (>= netstandard1.0) (< netstandard2.0) (< win8) (< wpa81) (< xamarintvos) (< xamarinwatchos)) (&& (< monoandroid) (< netstandard1.0) (>= portable-net45+win8+wp8+wpa81) (< win8)) (&& (>= net45) (< netstandard2.0)) (&& (< net45) (< netcoreapp2.1) (>= netstandard2.0) (< xamarinios) (< xamarinmac) (< xamarintvos) (< xamarinwatchos)) (>= net461) (&& (< netstandard1.0) (>= win8)) (&& (< netstandard2.0) (>= wpa81)) (>= wp8)
    xunit (1.9.2)
