RESTRICTION: == net40
NUGET
  remote: https://www.nuget.org/api/v2
    CommandLineParser (2.1.1-beta)
    NGettext (0.6.2)
    Optional (3.2)

GROUP build
NUGET
  remote: https://www.nuget.org/api/v2
    FAKE (4.62.1)
    Gettext.Tools (0.19.8.1)
    xunit.runner.console (2.1)

GROUP test
RESTRICTION: == net40
NUGET
  remote: https://www.nuget.org/api/v2
    NSubstitute (2.0.3)
    xunit (1.9.2)
